GEM
  remote: https://rubygems.org/
  specs:
    abstract_type (0.0.7)
    adamantium (0.2.0)
      ice_nine (~> 0.11.0)
      memoizable (~> 0.4.0)
    ansi (1.5.0)
    ast (2.4.0)
    astrolabe (1.3.1)
      parser (~> 2.2)
    awesome_print (1.7.0)
    builder (3.2.3)
    byebug (9.0.6)
    coderay (1.1.1)
    concord (0.1.5)
      adamantium (~> 0.2.0)
      equalizer (~> 0.0.9)
    diff-lcs (1.3)
    equalizer (0.0.11)
    erubis (2.7.0)
    hashie (3.5.5)
    hpricot (0.8.6)
    html2slim (0.2.0)
      hpricot
    htmlcompressor (0.4.0)
    ice_nine (0.11.2)
    m (1.5.1)
      method_source (>= 0.6.7)
      rake (>= 0.9.2.2)
    memoizable (0.4.2)
      thread_safe (~> 0.3, >= 0.3.1)
    method_source (0.8.2)
    mini_portile2 (2.3.0)
    minitest (5.11.3)
    minitest-reporters (1.3.5)
      ansi
      builder
      minitest (>= 5.0)
      ruby-progressbar
    nokogiri (1.8.5)
      mini_portile2 (~> 2.3.0)
    nokogumbo (1.4.10)
      nokogiri
    parser (2.5.1.0)
      ast (~> 2.4.0)
    polyglot (0.3.5)
    procto (0.0.3)
    pry (0.10.4)
      coderay (~> 1.1.0)
      method_source (~> 0.8.1)
      slop (~> 3.4)
    pry-byebug (3.4.2)
      byebug (~> 9.0)
      pry (~> 0.10)
    rake (12.3.2)
    ruby-progressbar (1.10.0)
    slim (3.0.7)
      temple (~> 0.7.6)
      tilt (>= 1.3.3, < 2.1)
    slop (3.6.0)
    temple (0.7.7)
    thread_safe (0.3.6)
    tilt (2.0.9)
    treetop (1.6.8)
      polyglot (~> 0.3)
    unparser (0.2.8)
      abstract_type (~> 0.0.7)
      adamantium (~> 0.2.0)
      concord (~> 0.1.5)
      diff-lcs (~> 1.3)
      equalizer (~> 0.0.9)
      parser (>= 2.3.1.2, < 2.6)
      procto (~> 0.0.2)

PLATFORMS
  ruby

DEPENDENCIES
  astrolabe
  awesome_print
  erubis
  hashie
  html2slim
  htmlcompressor
  m
  minitest
  minitest-reporters
  nokogiri
  nokogumbo
  parser (= 2.5.1)
  polyglot
  pry
  pry-byebug
  slim
  treetop
  unparser

RUBY VERSION
   ruby 2.5.1p57

BUNDLED WITH
   1.17.3
